PATH
  remote: .
  specs:
    rspec-become-matcher (0.1.0)
      rspec-expectations (>= 3)

GEM
  remote: https://rubygems.org/
  specs:
    diff-lcs (1.4.4)
    rake (13.0.1)
    rspec (3.10.0)
      rspec-core (~> 3.10.0)
      rspec-expectations (~> 3.10.0)
      rspec-mocks (~> 3.10.0)
    rspec-core (3.10.0)
      rspec-support (~> 3.10.0)
    rspec-expectations (3.10.0)
      diff-lcs (>= 1.2.0, < 2.0)
      rspec-support (~> 3.10.0)
    rspec-mocks (3.10.0)
      diff-lcs (>= 1.2.0, < 2.0)
      rspec-support (~> 3.10.0)
    rspec-support (3.10.0)

PLATFORMS
  ruby
  x86_64-darwin-19

DEPENDENCIES
  bundler (> 2)
  rake (~> 13.0)
  rspec
  rspec-become-matcher!
  rspec-expectations (>= 3)

BUNDLED WITH
   2.2.1
